GEM
  remote: https://rubygems.org/
  specs:
    colorize (0.8.1)
    dotenv (2.7.6)
    httparty (0.20.0)
      mime-types (~> 3.0)
      multi_xml (>= 0.5.2)
    mime-types (3.4.1)
      mime-types-data (~> 3.2015)
    mime-types-data (3.2021.1115)
    multi_json (1.15.0)
    multi_xml (0.6.0)
    mustermann (1.1.1)
      ruby2_keywords (~> 0.0.1)
    nio4r (2.7.3)
    prettier (2.0.0)
    puma (6.4.2)
      nio4r (~> 2.0)
    rack (2.2.3)
    rack-protection (2.1.0)
      rack
    redis (4.5.1)
    ruby2_keywords (0.0.5)
    sinatra (2.1.0)
      mustermann (~> 1.0)
      rack (~> 2.2)
      rack-protection (= 2.1.0)
      tilt (~> 2.0)
    sinatra-contrib (2.1.0)
      multi_json
      mustermann (~> 1.0)
      rack-protection (= 2.1.0)
      sinatra (= 2.1.0)
      tilt (~> 2.0)
    sinatra-cors (1.2.0)
    tilt (2.0.10)

PLATFORMS
  arm64-darwin-23
  x86_64-darwin-20

DEPENDENCIES
  colorize (~> 0.8.1)
  dotenv (~> 2.7)
  httparty (~> 0.20.0)
  prettier
  puma
  redis (~> 4.5)
  sinatra
  sinatra-contrib (~> 2.1)
  sinatra-cors (~> 1.2)

BUNDLED WITH
   2.4.22
